GEM
  remote: https://rubygems.org/
  specs:
    puma (2.12.3)
    rack (1.5.2)
    rack-rewrite (1.5.1)
    sass (3.4.16)

PLATFORMS
  ruby

DEPENDENCIES
  puma!
  rack!
  rack-rewrite!
  sass!

BUNDLED WITH
   1.11.2
